PATH
  remote: .
  specs:
    airbrake_tools (1.0.0)
      airbrake-api (>= 4.2.2)

GEM
  remote: https://rubygems.org/
  specs:
    airbrake-api (4.2.2)
      faraday_middleware (~> 0.8)
      hashie
      mash
      multi_xml
      parallel (~> 0.5.0)
    bump (0.3.8)
    diff-lcs (1.1.3)
    faraday (0.8.4)
      multipart-post (~> 1.1)
    faraday_middleware (0.9.0)
      faraday (>= 0.7.4, < 0.9)
    hashie (1.2.0)
    mash (0.1.1)
    multi_xml (0.5.1)
    multipart-post (1.1.5)
    parallel (0.5.19)
    rake (0.9.2.2)
    rspec (2.11.0)
      rspec-core (~> 2.11.0)
      rspec-expectations (~> 2.11.0)
      rspec-mocks (~> 2.11.0)
    rspec-core (2.11.1)
    rspec-expectations (2.11.3)
      diff-lcs (~> 1.1.3)
    rspec-mocks (2.11.3)

PLATFORMS
  ruby

DEPENDENCIES
  airbrake_tools!
  bump (= 0.3.8)
  rake
  rspec (~> 2)
