PATH
  remote: .
  specs:
    airbrake_tools (1.0.3)
      airbrake-api (>= 4.5.1)

GEM
  remote: https://rubygems.org/
  specs:
    airbrake-api (4.5.1)
      faraday_middleware
      hashie
      multi_xml
      parallel
    bump (0.3.8)
    diff-lcs (1.1.3)
    faraday (0.8.8)
      multipart-post (~> 1.2.0)
    faraday_middleware (0.9.0)
      faraday (>= 0.7.4, < 0.9)
    hashie (2.0.5)
    multi_xml (0.5.5)
    multipart-post (1.2.0)
    parallel (0.9.0)
    rake (0.9.2.2)
    rspec (2.11.0)
      rspec-core (~> 2.11.0)
      rspec-expectations (~> 2.11.0)
      rspec-mocks (~> 2.11.0)
    rspec-core (2.11.1)
    rspec-expectations (2.11.3)
      diff-lcs (~> 1.1.3)
    rspec-mocks (2.11.3)

PLATFORMS
  ruby

DEPENDENCIES
  airbrake_tools!
  bump (= 0.3.8)
  rake
  rspec (~> 2)
