PATH
  remote: .
  specs:
    airbrake_tools (1.1.1)
      airbrake-api (>= 4.5.1)

GEM
  remote: https://rubygems.org/
  specs:
    addressable (2.3.6)
    airbrake-api (4.6.0)
      faraday_middleware
      hashie
      multi_xml
      parallel
    bump (0.3.8)
    diff-lcs (1.1.3)
    faraday (0.9.0)
      multipart-post (>= 1.2, < 3)
    faraday_middleware (0.9.1)
      faraday (>= 0.7.4, < 0.10)
    hashie (2.1.1)
    launchy (2.4.2)
      addressable (~> 2.3)
    multi_xml (0.5.5)
    multipart-post (2.0.0)
    parallel (0.9.2)
    rake (0.9.2.2)
    rspec (2.11.0)
      rspec-core (~> 2.11.0)
      rspec-expectations (~> 2.11.0)
      rspec-mocks (~> 2.11.0)
    rspec-core (2.11.1)
    rspec-expectations (2.11.3)
      diff-lcs (~> 1.1.3)
    rspec-mocks (2.11.3)

PLATFORMS
  ruby

DEPENDENCIES
  airbrake_tools!
  bump (= 0.3.8)
  launchy
  rake
  rspec (~> 2)
